GEM
  remote: https://rubygems.org/
  specs:
    ai-chat (0.0.8)
      base64 (~> 0.1)
      mime-types (~> 3.0)
    base64 (0.3.0)
    dotenv (3.1.8)
    logger (1.7.0)
    mime-types (3.7.0)
      logger
      mime-types-data (~> 3.2025, >= 3.2025.0507)
    mime-types-data (3.2025.0722)

PLATFORMS
  x86_64-linux

DEPENDENCIES
  ai-chat
  dotenv

BUNDLED WITH
   2.4.6
